GIT
  remote: https://github.com/dependabot-fixtures/elasticsearch-rails.git
  revision: 212b37a1e927015f2a095e0f841c897d377ad1c7
  branch: 5.x
  specs:
    elasticsearch-model (5.1.0)
      activesupport (> 3)
      elasticsearch (~> 5)
      hashie
    elasticsearch-rails (5.1.0)

GIT
  remote: https://github.com/dependabot-fixtures/elasticsearch-ruby.git
  revision: 43f48b229a975b77c5339644d512c88389fefafa
  branch: 5.x
  specs:
    elasticsearch-dsl (0.1.4)

GEM
  remote: https://rubygems.org/
  specs:
    activesupport (7.1.3.4)
      base64
      bigdecimal
      concurrent-ruby (~> 1.0, >= 1.0.2)
      connection_pool (>= 2.2.5)
      drb
      i18n (>= 1.6, < 2)
      minitest (>= 5.1)
      mutex_m
      tzinfo (~> 2.0)
    base64 (0.2.0)
    bigdecimal (3.1.8)
    concurrent-ruby (1.3.2)
    connection_pool (2.4.1)
    drb (2.2.1)
    elasticsearch (5.0.5)
      elasticsearch-api (= 5.0.5)
      elasticsearch-transport (= 5.0.5)
    elasticsearch-api (5.0.5)
      multi_json
    elasticsearch-transport (5.0.5)
      faraday
      multi_json
    faraday (2.8.1)
      base64
      faraday-net_http (>= 2.0, < 3.1)
      ruby2_keywords (>= 0.0.4)
    faraday-net_http (3.0.2)
    hashie (5.0.0)
    i18n (1.14.5)
      concurrent-ruby (~> 1.0)
    minitest (5.23.1)
    multi_json (1.15.0)
    mutex_m (0.2.0)
    ruby2_keywords (0.0.5)
    tzinfo (2.0.6)
      concurrent-ruby (~> 1.0)

PLATFORMS
  ruby

DEPENDENCIES
  elasticsearch-dsl!
  elasticsearch-model!
  elasticsearch-rails!

BUNDLED WITH
   2.1.4
